GEM
  remote: https://rubygems.org/
  specs:
    concurrent-ruby (1.2.2)
    i18n (1.12.0)
      concurrent-ruby (~> 1.0)
    ibandit (0.11.28)
      i18n

PLATFORMS
  ruby

DEPENDENCIES
  ibandit (~> 0.11.16)

BUNDLED WITH
   2.1.4
