GIT
  remote: https://github.com/dependabot-fixtures/i18n
  revision: 95612def98cb9c1d5be660aa77062c9be0b0430c
  specs:
    i18n (1.8.10)
      concurrent-ruby (~> 1.0)

GEM
  remote: https://rubygems.org/
  specs:
    concurrent-ruby (1.2.2)
    ibandit (0.11.28)
      i18n

PLATFORMS
  ruby

DEPENDENCIES
  i18n!
  ibandit (~> 0.11.16)

BUNDLED WITH
   1.17.3
