GEM
  remote: https://rubygems.org/
  specs:
    json (2.6.3)
    json (2.6.3-java)

PLATFORMS
  java
  ruby

DEPENDENCIES
  json (>= 2.3.0)

BUNDLED WITH
   2.1.4
