GEM
  remote: https://rubygems.org/
  specs:
    i18n (0.8.6)

PLATFORMS
  ruby

DEPENDENCIES
  i18n (~> 0.8.0)

BUNDLED WITH
   2.1.4
