GEM
  remote: https://rubygems.org/
  specs:
    concurrent-ruby (1.2.2)
    i18n (0.9.5)
      concurrent-ruby (~> 1.0)
    ibandit (0.1.1)

PLATFORMS
  ruby

DEPENDENCIES
  i18n (~> 0.8, >= 0.8.0)
  ibandit (~> 0.1)

BUNDLED WITH
   2.1.4
